GEM
  remote: https://rubygems.org/
  specs:
    colored (1.2)
    metaclass (0.0.4)
    minitest (5.2.2)
    mocha (1.2.1)
      metaclass (~> 0.0.1)
    parallel (0.9.2)

PLATFORMS
  ruby

DEPENDENCIES
  colored
  minitest
  mocha
  parallel
